GEM
  remote: http://rubygems.org/
  specs:
    actionmailer (2.3.8)
      actionpack (= 2.3.8)
    actionpack (2.3.8)
      activesupport (= 2.3.8)
      rack (~> 1.1.0)
    activerecord (2.3.8)
      activesupport (= 2.3.8)
    activeresource (2.3.8)
      activesupport (= 2.3.8)
    activesupport (2.3.8)
    acts-as-taggable-on (2.0.6)
    annotate (2.4.0)
    authlogic (2.1.6)
      activesupport
    factory_girl (1.3.2)
    haml (3.0.18)
    paperclip (2.3.3)
      activerecord
      activesupport
    rack (1.1.0)
    rails (2.3.8)
      actionmailer (= 2.3.8)
      actionpack (= 2.3.8)
      activerecord (= 2.3.8)
      activeresource (= 2.3.8)
      activesupport (= 2.3.8)
      rake (>= 0.8.3)
    rake (0.8.7)
    rmagick (2.13.1)
    simple-navigation (2.7.3)
    sqlite3 (1.3.3)
    sqlite3-ruby (1.3.3)
      sqlite3 (>= 1.3.3)
    will_paginate (2.3.15)

PLATFORMS
  ruby

DEPENDENCIES
  acts-as-taggable-on
  annotate
  authlogic
  factory_girl
  haml
  paperclip
  rails (= 2.3.8)
  rmagick
  simple-navigation
  sqlite3-ruby
  will_paginate
